GEM
  remote: https://rubygems.org/
  specs:
    diff-lcs (1.3)

PLATFORMS
  ruby

DEPENDENCIES
  diff-lcs (~> 1.3)

BUNDLED WITH
   1.13.2
